GEM
  remote: https://rubygems.org/
  specs:
    haml (3.1.4)
    watchr (0.7)

PLATFORMS
  ruby

DEPENDENCIES
  haml
  watchr
